PATH
  remote: ../src
  specs:
    hatchet-sdk (0.0.0)

GEM
  remote: https://rubygems.org/
  specs:

PLATFORMS
  arm64-darwin-24
  ruby

DEPENDENCIES
  hatchet-sdk!

BUNDLED WITH
   2.6.9
